GEM
  remote: https://rubygems.org/
  specs:
    coderay (1.1.0)
    faker (1.4.3)
      i18n (~> 0.5)
    i18n (0.7.0)
    method_source (0.8.2)
    pry (0.10.1)
      coderay (~> 1.1.0)
      method_source (~> 0.8.1)
      slop (~> 3.4)
    pry-nav (0.2.4)
      pry (>= 0.9.10, < 0.11.0)
    pry-rails (0.3.4)
      pry (>= 0.9.10)
    slop (3.6.0)

PLATFORMS
  ruby

DEPENDENCIES
  faker
  pry-nav
  pry-rails
